GEM
  remote: https://rubygems.org/
  specs:
    mina (0.3.0)
      open4
      rake
    open4 (1.3.1)
    rake (10.1.1)

PLATFORMS
  ruby

DEPENDENCIES
  mina
